GEM
  remote: https://rubygems.org/
  specs:
    byebug (11.1.3)
    coderay (1.1.3)
    crass (1.0.6)
    method_source (1.0.0)
    nlp-pure (0.2.0)
    nokogiri (1.12.4-x86_64-darwin)
      racc (~> 1.4)
    pry (0.13.1)
      coderay (~> 1.1)
      method_source (~> 1.0)
    pry-byebug (3.9.0)
      byebug (~> 11.0)
      pry (~> 0.13.0)
    racc (1.5.2)
    sanitize (6.0.0)
      crass (~> 1.0.2)
      nokogiri (>= 1.12.0)
    scylla (1.2.0)
      sanitize
      unicode (~> 0.4.4)
    sqlite3 (1.4.2)
    unicode (0.4.4.4)

PLATFORMS
  x86_64-darwin-20

DEPENDENCIES
  nlp-pure
  pry-byebug
  scylla
  sqlite3

BUNDLED WITH
   2.2.22
